GIT
  remote: http://github.com/joshk/net-ssh
  revision: ef75177969d118d7e39152f7295070f062e9689a
  specs:
    net-ssh (2.6.7)

GIT
  remote: http://github.com/travis-ci/fog
  revision: 34e03180370abdd61903bbc5cb3564e54bd1eec1
  specs:
    fog (1.10.1)
      builder
      excon (~> 0.20)
      formatador (~> 0.2.0)
      json (~> 1.7)
      mime-types
      net-scp (~> 1.1)
      net-ssh (>= 2.1.3)
      nokogiri (~> 1.5.0)
      ruby-hmac

GIT
  remote: https://github.com/henrikhodne/travis-saucelabs-api.git
  revision: c82f1a55e014a5d0325a033e84f2df0aacc8340d
  tag: v0.0.1
  specs:
    travis-saucelabs-api (0.0.1)
      faraday (~> 0.7)
      faraday_middleware (~> 0.9)
      thor (~> 0.14)

GIT
  remote: https://github.com/joshk/sshjr.git
  revision: 35c2fdf006295a1d2c1da77b81f39ac5deb89e9e
  specs:
    sshjr (0.1.0)

GIT
  remote: https://github.com/joshk/vagrant
  revision: 8ccf5a2ee1d563a6eca39dafaeb05fdcc3b72a98
  branch: 1-0-stable
  specs:
    vagrant (1.0.7.dev)
      archive-tar-minitar (= 0.5.2)
      childprocess (~> 0.3.1)
      erubis (~> 2.7.0)
      i18n (~> 0.6.0)
      json (~> 1.5)
      log4r (~> 1.1.9)
      net-scp (~> 1.0)
      net-ssh (~> 2.2)

GIT
  remote: https://github.com/travis-ci/travis-build
  revision: 89074132f4035242aad19d9d00869080f458622a
  specs:
    travis-build (0.0.1)

GIT
  remote: https://github.com/travis-ci/travis-support
  revision: c0add49c71ff3c788b4b7e5b63c11d3896d9847d
  specs:
    travis-support (0.0.1)

GEM
  remote: https://rubygems.org/
  specs:
    activesupport (3.2.12)
      i18n (~> 0.6)
      multi_json (~> 1.0)
    addressable (2.3.5)
    archive-tar-minitar (0.5.2)
    atomic (1.1.10-java)
    avl_tree (1.1.3)
    bouncy-castle-java (1.5.0147)
    builder (3.2.2)
    celluloid (0.13.0)
      timers (>= 1.0.0)
    childprocess (0.3.9)
      ffi (~> 1.0, >= 1.0.11)
    diff-lcs (1.2.4)
    erubis (2.7.0)
    excon (0.24.0)
    faraday (0.7.6)
      addressable (~> 2.2)
      multipart-post (~> 1.1)
      rack (~> 1.1)
    faraday_middleware (0.9.0)
      faraday (>= 0.7.4, < 0.9)
    ffi (1.9.0-java)
    formatador (0.2.4)
    hashr (0.0.22)
    hitimes (1.2.1-java)
    hot_bunnies (1.5.0-java)
    i18n (0.6.4)
    jruby-openssl (0.8.8)
      bouncy-castle-java (>= 1.5.0147)
    json (1.8.0-java)
    log4r (1.1.10)
    metaclass (0.0.1)
    metriks (0.9.9.4)
      atomic (~> 1.0)
      avl_tree (~> 1.1.2)
      hitimes (~> 1.1)
    micromachine (1.0.4)
    mime-types (1.23)
    mocha (0.11.4)
      metaclass (~> 0.0.1)
    multi_json (1.2.0)
    multipart-post (1.2.0)
    net-scp (1.1.1)
      net-ssh (>= 2.6.5)
    nokogiri (1.5.10-java)
    rack (1.5.2)
    rake (0.9.6)
    rspec (2.13.0)
      rspec-core (~> 2.13.0)
      rspec-expectations (~> 2.13.0)
      rspec-mocks (~> 2.13.0)
    rspec-core (2.13.1)
    rspec-expectations (2.13.0)
      diff-lcs (>= 1.1.3, < 2.0)
    rspec-mocks (2.13.1)
    ruby-hmac (0.4.0)
    simple_states (0.1.0.pre2)
      activesupport
      hashr (~> 0.0.10)
    simplecov (0.7.1)
      multi_json (~> 1.0)
      simplecov-html (~> 0.7.1)
    simplecov-html (0.7.1)
    thor (0.14.6)
    timers (1.1.0)
    vagrant-vbguest (0.8.0)
      i18n (~> 0.6.0)
      log4r (~> 1.1.9)
      micromachine (~> 1.0.4)

PLATFORMS
  java

DEPENDENCIES
  celluloid (= 0.13.0)
  excon (= 0.24.0)
  faraday (~> 0.7.5)
  fog!
  hashr (~> 0.0.18)
  hot_bunnies (~> 1.5.0)
  jruby-openssl (~> 0.8.0)
  json
  metriks
  mocha (~> 0.11.0)
  multi_json (~> 1.2.0)
  net-ssh!
  rake (~> 0.9.2)
  rspec
  simple_states (= 0.1.0.pre2)
  simplecov (>= 0.4.0)
  sshjr!
  thor (~> 0.14.6)
  travis-build!
  travis-saucelabs-api!
  travis-support!
  vagrant!
  vagrant-vbguest
