GIT
  remote: git://github.com/joshk/net-ssh-shell.git
  revision: 9a5bee577fd18b038d1818e2c323311845f71edf
  specs:
    net-ssh-shell (0.3.0.dev)
      net-ssh (~> 2.1)

GIT
  remote: https://github.com/travis-ci/travis-build.git
  revision: 3027b713cb8a5b6a7b28aa52558741d0da4bbff3
  specs:
    travis-build (0.2.0)

GIT
  remote: https://github.com/travis-ci/travis-support.git
  revision: 6023cb08b40d334804c06702293e7c74e0adf4d4
  specs:
    travis-support (0.0.1)

GEM
  remote: http://rubygems.org/
  specs:
    activesupport (3.2.2)
      i18n (~> 0.6)
      multi_json (~> 1.0)
    addressable (2.2.7)
    archive-tar-minitar (0.5.2)
    bouncy-castle-java (1.5.0146.1)
    childprocess (0.3.1)
      ffi (~> 1.0.6)
    diff-lcs (1.1.3)
    erubis (2.7.0)
    faraday (0.7.6)
      addressable (~> 2.2)
      multipart-post (~> 1.1)
      rack (~> 1.1)
    ffi (1.0.11)
    ffi (1.0.11-java)
    hashr (0.0.19)
    hot_bunnies (1.3.5-java)
    i18n (0.6.0)
    jruby-openssl (0.7.6.1)
      bouncy-castle-java (>= 1.5.0146.1)
    json (1.5.4)
    json (1.5.4-java)
    log4r (1.1.10)
    metaclass (0.0.1)
    mocha (0.10.5)
      metaclass (~> 0.0.1)
    multi_json (1.0.4)
    multipart-post (1.1.5)
    net-scp (1.0.4)
      net-ssh (>= 1.99.1)
    net-ssh (2.2.2)
    rack (1.4.1)
    rake (0.9.2.2)
    rspec (2.8.0)
      rspec-core (~> 2.8.0)
      rspec-expectations (~> 2.8.0)
      rspec-mocks (~> 2.8.0)
    rspec-core (2.8.0)
    rspec-expectations (2.8.0)
      diff-lcs (~> 1.1.2)
    rspec-mocks (2.8.0)
    simple_states (0.1.0.pre2)
      activesupport
      hashr (~> 0.0.10)
    simplecov (0.6.1)
      multi_json (~> 1.0)
      simplecov-html (~> 0.5.3)
    simplecov-html (0.5.3)
    thor (0.14.6)
    vagrant (1.0.1)
      archive-tar-minitar (= 0.5.2)
      childprocess (~> 0.3.1)
      erubis (~> 2.7.0)
      i18n (~> 0.6.0)
      json (~> 1.5.1)
      log4r (~> 1.1.9)
      net-scp (~> 1.0.4)
      net-ssh (~> 2.2.2)

PLATFORMS
  java
  ruby

DEPENDENCIES
  faraday (~> 0.7.5)
  hashr (~> 0.0.18)
  hot_bunnies (~> 1.3.3)
  jruby-openssl (~> 0.7.4)
  json
  mocha
  multi_json (~> 1.0.4)
  net-ssh-shell!
  rake (~> 0.9.2)
  rspec
  simple_states (~> 0.1.0.pre2)
  simplecov (>= 0.4.0)
  thor (~> 0.14.6)
  travis-build!
  travis-support!
  vagrant (~> 1.0.0)
