GIT
  remote: https://github.com/celluloid/celluloid
  revision: efeaab20d3f6999c919e0daee3d20638b4785836
  specs:
    celluloid (0.13.0.pre)
      timers (>= 1.0.0)

GIT
  remote: https://github.com/henrikhodne/travis-saucelabs-api.git
  revision: 90a1f650f5e9e2d8b94a9f308fa3d726ce53fc8f
  specs:
    travis-saucelabs-api (0.0.1)
      faraday (~> 0.7)
      faraday_middleware (~> 0.9)
      thor (~> 0.14)

GIT
  remote: https://github.com/joshk/vagrant
  revision: 8ccf5a2ee1d563a6eca39dafaeb05fdcc3b72a98
  branch: 1-0-stable
  specs:
    vagrant (1.0.7.dev)
      archive-tar-minitar (= 0.5.2)
      childprocess (~> 0.3.1)
      erubis (~> 2.7.0)
      i18n (~> 0.6.0)
      json (~> 1.5)
      log4r (~> 1.1.9)
      net-scp (~> 1.0)
      net-ssh (~> 2.2)

GIT
  remote: https://github.com/travis-ci/travis-build
  revision: b97386e1ffd8721b7ef4400cdb3a637457507eeb
  specs:
    travis-build (0.0.1)

GIT
  remote: https://github.com/travis-ci/travis-support
  revision: 01d9ccd14f2cb99b2446cb6b49cb7abe93e38967
  specs:
    travis-support (0.0.1)

GEM
  remote: https://rubygems.org/
  specs:
    activesupport (3.2.12)
      i18n (~> 0.6)
      multi_json (~> 1.0)
    addressable (2.3.3)
    archive-tar-minitar (0.5.2)
    atomic (1.0.1-java)
    avl_tree (1.1.3)
    bouncy-castle-java (1.5.0146.1)
    builder (3.1.4)
    childprocess (0.3.8)
      ffi (~> 1.0, >= 1.0.11)
    diff-lcs (1.1.3)
    erubis (2.7.0)
    excon (0.18.5)
    faraday (0.7.6)
      addressable (~> 2.2)
      multipart-post (~> 1.1)
      rack (~> 1.1)
    ffi (1.4.0-java)
    fog (1.9.0)
      builder
      excon (~> 0.14)
      formatador (~> 0.2.0)
      mime-types
      multi_json (~> 1.0)
      net-scp (~> 1.0.4)
      net-ssh (>= 2.1.3)
      nokogiri (~> 1.5.0)
      ruby-hmac
    formatador (0.2.4)
    hashr (0.0.22)
    hitimes (1.2.0-java)
    hot_bunnies (1.4.0-java)
    i18n (0.6.1)
    jruby-openssl (0.8.2)
      bouncy-castle-java (>= 1.5.0146.1)
    json (1.7.7-java)
    log4r (1.1.10)
    metaclass (0.0.1)
    metriks (0.9.9.4)
      atomic (~> 1.0)
      avl_tree (~> 1.1.2)
      hitimes (~> 1.1)
    micromachine (1.0.4)
    mime-types (1.21)
    mocha (0.11.4)
      metaclass (~> 0.0.1)
    multi_json (1.2.0)
    multipart-post (1.1.5)
    net-scp (1.0.4)
      net-ssh (>= 1.99.1)
    net-ssh (2.6.5)
    nokogiri (1.5.6-java)
    rack (1.5.2)
    rake (0.9.6)
    rspec (2.12.0)
      rspec-core (~> 2.12.0)
      rspec-expectations (~> 2.12.0)
      rspec-mocks (~> 2.12.0)
    rspec-core (2.12.2)
    rspec-expectations (2.12.1)
      diff-lcs (~> 1.1.3)
    rspec-mocks (2.12.2)
    ruby-hmac (0.4.0)
    simple_states (0.1.0.pre2)
      activesupport
      hashr (~> 0.0.10)
    simplecov (0.7.1)
      multi_json (~> 1.0)
      simplecov-html (~> 0.7.1)
    simplecov-html (0.7.1)
    thor (0.14.6)
    timers (1.1.0)
    vagrant-vbguest (0.6.4)
      i18n (~> 0.6.0)
      log4r (~> 1.1.9)
      micromachine (~> 1.0.4)

PLATFORMS
  java

DEPENDENCIES
  celluloid!
  faraday (~> 0.7.5)
  fog (~> 1.9.0)
  hashr (~> 0.0.18)
  hot_bunnies (~> 1.4.0)
  jruby-openssl (~> 0.8.0)
  json
  metriks
  mocha (~> 0.11.0)
  multi_json (~> 1.2.0)
  rake (~> 0.9.2)
  rspec
  simple_states (= 0.1.0.pre2)
  simplecov (>= 0.4.0)
  thor (~> 0.14.6)
  travis-build!
  travis-saucelabs-api!
  travis-support!
  vagrant!
  vagrant-vbguest
