GIT
  remote: git://github.com/joshk/net-ssh-shell
  revision: 9a5bee577fd18b038d1818e2c323311845f71edf
  specs:
    net-ssh-shell (0.3.0.dev)
      net-ssh (~> 2.1)

GIT
  remote: https://github.com/joshk/vagrant
  revision: d16043f691bea347f9615dfa966008bbc34dab2e
  branch: 1-0-stable
  specs:
    vagrant (1.0.3)
      archive-tar-minitar (= 0.5.2)
      childprocess (~> 0.3.1)
      erubis (~> 2.7.0)
      i18n (~> 0.6.0)
      json (~> 1.5)
      log4r (~> 1.1.9)
      net-scp (~> 1.0)
      net-ssh (~> 2.2)

GIT
  remote: https://github.com/travis-ci/travis-build
  revision: 486121f54bf2e9d3fe992bee5bc45fe3d551f667
  specs:
    travis-build (0.2.0)

GIT
  remote: https://github.com/travis-ci/travis-support
  revision: e3e09d89fc8d86e89c4f1aeb4ff55214e00bd44b
  specs:
    travis-support (0.0.1)

GEM
  remote: http://rubygems.org/
  specs:
    activesupport (3.2.9)
      i18n (~> 0.6)
      multi_json (~> 1.0)
    addressable (2.3.2)
    archive-tar-minitar (0.5.2)
    atomic (1.0.1-java)
    avl_tree (1.1.3)
    bouncy-castle-java (1.5.0146.1)
    builder (3.1.4)
    celluloid (0.12.4)
      facter (>= 1.6.12)
      timers (>= 1.0.0)
    childprocess (0.3.6)
      ffi (~> 1.0, >= 1.0.6)
    diff-lcs (1.1.3)
    erubis (2.7.0)
    excon (0.16.10)
    facter (1.6.16)
    faraday (0.7.6)
      addressable (~> 2.2)
      multipart-post (~> 1.1)
      rack (~> 1.1)
    ffi (1.2.0-java)
    fog (1.8.0)
      builder
      excon (~> 0.14)
      formatador (~> 0.2.0)
      mime-types
      multi_json (~> 1.0)
      net-scp (~> 1.0.4)
      net-ssh (>= 2.1.3)
      nokogiri (~> 1.5.0)
      ruby-hmac
    formatador (0.2.4)
    hashr (0.0.22)
    hitimes (1.1.1-java)
    hot_bunnies (1.4.0-java)
    i18n (0.6.1)
    jruby-openssl (0.7.4)
      bouncy-castle-java
    json (1.7.5-java)
    log4r (1.1.10)
    metaclass (0.0.1)
    metriks (0.9.9.2)
      atomic (~> 1.0)
      avl_tree (~> 1.1.2)
      hitimes (~> 1.1)
    mime-types (1.19)
    mocha (0.11.4)
      metaclass (~> 0.0.1)
    multi_json (1.2.0)
    multipart-post (1.1.5)
    net-scp (1.0.4)
      net-ssh (>= 1.99.1)
    net-ssh (2.6.2)
    nokogiri (1.5.6-java)
    rack (1.4.1)
    rake (0.9.6)
    rspec (2.12.0)
      rspec-core (~> 2.12.0)
      rspec-expectations (~> 2.12.0)
      rspec-mocks (~> 2.12.0)
    rspec-core (2.12.2)
    rspec-expectations (2.12.1)
      diff-lcs (~> 1.1.3)
    rspec-mocks (2.12.0)
    ruby-hmac (0.4.0)
    simple_states (0.1.0.pre2)
      activesupport
      hashr (~> 0.0.10)
    simplecov (0.7.1)
      multi_json (~> 1.0)
      simplecov-html (~> 0.7.1)
    simplecov-html (0.7.1)
    thor (0.14.6)
    timers (1.0.2)
    vagrant-vbguest (0.5.1)

PLATFORMS
  java

DEPENDENCIES
  celluloid (~> 0.12.4)
  faraday (~> 0.7.5)
  fog
  hashr (~> 0.0.18)
  hot_bunnies (~> 1.4.0)
  jruby-openssl (= 0.7.4)
  json
  metriks
  mocha (~> 0.11.0)
  multi_json (~> 1.2.0)
  net-ssh-shell!
  rake (~> 0.9.2)
  rspec
  simple_states (= 0.1.0.pre2)
  simplecov (>= 0.4.0)
  thor (~> 0.14.6)
  travis-build!
  travis-support!
  vagrant!
  vagrant-vbguest
