GIT
  remote: https://github.com/BanzaiMan/fog
  revision: 253672c451738a4f3a7724638b2a088689b06582
  branch: ha-feature-bluebox-vhs_id
  specs:
    fog (1.24.0)
      fog-brightbox
      fog-core (~> 1.24)
      fog-json
      fog-radosgw (>= 0.0.2)
      fog-sakuracloud (>= 0.0.4)
      fog-softlayer
      fog-xml
      ipaddress (~> 0.5)
      nokogiri (~> 1.5, >= 1.5.11)

GIT
  remote: https://github.com/celluloid/celluloid
  revision: 5a560561b49241fc84c3b414bb6652826ce8ea71
  ref: 5a56056
  specs:
    celluloid (0.16.0.pre)
      timers (~> 2.0.0)

GIT
  remote: https://github.com/joshk/sshjr
  revision: 35c2fdf006295a1d2c1da77b81f39ac5deb89e9e
  specs:
    sshjr (0.1.0)

GIT
  remote: https://github.com/travis-ci/travis-build
  revision: 9e8b2d6b27f1afc7dd45f5f6200e9326b31a4cae
  specs:
    travis-build (0.0.1)

GIT
  remote: https://github.com/travis-ci/travis-support
  revision: 033d9b993d4c8b08af8d86a725ee34539cf0b979
  specs:
    travis-support (0.0.1)

GEM
  remote: https://rubygems.org/
  specs:
    activesupport (3.2.19)
      i18n (~> 0.6, >= 0.6.4)
      multi_json (~> 1.0)
    addressable (2.3.6)
    archive-tar-minitar (0.5.2)
    atomic (1.1.16)
    atomic (1.1.16-java)
    avl_tree (1.1.3)
    builder (3.2.2)
    coder (0.4.0)
    coderay (1.1.0)
    crack (0.4.2)
      safe_yaml (~> 1.0.0)
    diff-lcs (1.2.5)
    docile (1.1.5)
    docker-api (1.13.2)
      archive-tar-minitar
      excon (>= 0.38.0)
      json
    excon (0.39.5)
    faraday (0.7.6)
      addressable (~> 2.2)
      multipart-post (~> 1.1)
      rack (~> 1.1)
    faraday_middleware (0.9.1)
      faraday (>= 0.7.4, < 0.10)
    ffi (1.9.3-java)
    fog-brightbox (0.6.1)
      fog-core (~> 1.22)
      fog-json
      inflecto
    fog-core (1.24.0)
      builder
      excon (~> 0.38)
      formatador (~> 0.2)
      mime-types
      net-scp (~> 1.1)
      net-ssh (>= 2.1.3)
    fog-json (1.0.0)
      multi_json (~> 1.0)
    fog-radosgw (0.0.3)
      fog-core (>= 1.21.0)
      fog-json
      fog-xml (>= 0.0.1)
    fog-sakuracloud (0.1.1)
      fog-core
      fog-json
    fog-softlayer (0.3.22)
      fog-core
      fog-json
    fog-xml (0.1.0)
      fog-core
      nokogiri (~> 1.5, >= 1.5.11)
    formatador (0.2.5)
    hashr (0.0.22)
    hitimes (1.2.2)
    hitimes (1.2.2-java)
    i18n (0.6.11)
    inflecto (0.0.2)
    ipaddress (0.8.0)
    json (1.8.1)
    json (1.8.1-java)
    march_hare (2.2.0-java)
    metaclass (0.0.4)
    method_source (0.8.2)
    metriks (0.9.9.5)
      atomic (~> 1.0)
      avl_tree (~> 1.1.2)
      hitimes (~> 1.1)
    mime-types (2.4.3)
    mini_portile (0.6.0)
    mocha (0.11.4)
      metaclass (~> 0.0.1)
    multi_json (1.2.0)
    multipart-post (1.2.0)
    net-scp (1.2.1)
      net-ssh (>= 2.6.5)
    net-ssh (2.9.1)
    nokogiri (1.6.3.1)
      mini_portile (= 0.6.0)
    nokogiri (1.6.3.1-java)
    pry (0.10.1)
      coderay (~> 1.1.0)
      method_source (~> 0.8.1)
      slop (~> 3.4)
    pry (0.10.1-java)
      coderay (~> 1.1.0)
      method_source (~> 0.8.1)
      slop (~> 3.4)
      spoon (~> 0.0)
    rack (1.5.2)
    rake (0.9.6)
    rspec (3.1.0)
      rspec-core (~> 3.1.0)
      rspec-expectations (~> 3.1.0)
      rspec-mocks (~> 3.1.0)
    rspec-core (3.1.2)
      rspec-support (~> 3.1.0)
    rspec-expectations (3.1.0)
      diff-lcs (>= 1.2.0, < 2.0)
      rspec-support (~> 3.1.0)
    rspec-mocks (3.1.0)
      rspec-support (~> 3.1.0)
    rspec-support (3.1.0)
    safe_yaml (1.0.3)
    simplecov (0.9.0)
      docile (~> 1.1.0)
      multi_json
      simplecov-html (~> 0.8.0)
    simplecov-html (0.8.0)
    slop (3.6.0)
    spoon (0.0.4)
      ffi
    thor (0.19.1)
    timers (2.0.0)
      hitimes
    travis-saucelabs-api (0.0.3)
      faraday (~> 0.7)
      faraday_middleware (~> 0.9)
      thor (~> 0.14)
    webmock (1.18.0)
      addressable (>= 2.3.6)
      crack (>= 0.3.2)

PLATFORMS
  java
  ruby

DEPENDENCIES
  activesupport (~> 3.2)
  celluloid!
  coder
  docker-api
  faraday (~> 0.7.5)
  fog!
  hashr (~> 0.0.18)
  json
  march_hare (= 2.2.0)
  metriks (= 0.9.9.5)
  mocha (~> 0.11.0)
  multi_json (~> 1.2.0)
  net-ssh (~> 2.9.0)
  pry
  rake (~> 0.9.2)
  rspec
  simplecov (>= 0.4.0)
  sshjr!
  thor
  travis-build!
  travis-saucelabs-api (~> 0.0)
  travis-support!
  webmock
